GIT
  remote: git://github.com/pronix/spree-multi-currency.git
  revision: 7fc06849629e20929a9c22b3eb2e0fb4e1b5189f
  specs:
    multi_currencies (1.0.2)
      json (>= 1.5.1)
      money (>= 3.6.1)
      nokogiri (>= 1.4.4)
      spree_core (>= 0.30.0)

GIT
  remote: git://github.com/spree/spree.git
  revision: abc9075ec533437038f5dd43658e19c3a4449e4a
  specs:
    spree (0.60.99)
      spree_api (= 0.60.99)
      spree_auth (= 0.60.99)
      spree_core (= 0.60.99)
      spree_dash (= 0.60.99)
      spree_promo (= 0.60.99)
      spree_sample (= 0.60.99)
    spree_api (0.60.99)
      spree_auth (= 0.60.99)
      spree_core (= 0.60.99)
    spree_auth (0.60.99)
      cancan (= 1.6.4)
      devise (= 1.3.1)
      spree_core (= 0.60.99)
    spree_core (0.60.99)
      activemerchant (= 1.12.0)
      acts_as_list (= 0.1.2)
      faker (= 0.9.5)
      highline (= 1.5.1)
      jquery-rails (= 0.2.6)
      meta_search (= 1.0.1)
      nested_set (= 1.6.4)
      paperclip (= 2.3.8)
      rails (= 3.0.7)
      rd_find_by_param (= 0.1.1)
      rd_resource_controller
      rd_unobtrusive_date_picker (= 0.1.0)
      state_machine (= 0.9.4)
      stringex (= 1.0.3)
      will_paginate (= 3.0.pre2)
    spree_dash (0.60.99)
      spree_core (= 0.60.99)
    spree_promo (0.60.99)
      spree_core (= 0.60.99)
    spree_sample (0.60.99)
      spree_core (= 0.60.99)

GIT
  remote: git://github.com/tomash/globalize-spree.git
  revision: f9dabb97f19645c7ba83dec297d86a212f5b2326
  specs:
    globalize_spree (0.2.0)
      globalize3 (>= 0.0.9)
      i18n (>= 0.4.2)
      spree_core (>= 0.30.0.beta2)

GIT
  remote: git://github.com/tomash/spree-pp-website-standard.git
  revision: ba08cb7715f648a469c67a1f06566a7c304a1466
  specs:
    pp_website_standard (0.8.1)
      spree_core (>= 0.30.0)

GEM
  remote: http://rubygems.org/
  specs:
    abstract (1.0.0)
    actionmailer (3.0.7)
      actionpack (= 3.0.7)
      mail (~> 2.2.15)
    actionpack (3.0.7)
      activemodel (= 3.0.7)
      activesupport (= 3.0.7)
      builder (~> 2.1.2)
      erubis (~> 2.6.6)
      i18n (~> 0.5.0)
      rack (~> 1.2.1)
      rack-mount (~> 0.6.14)
      rack-test (~> 0.5.7)
      tzinfo (~> 0.3.23)
    activemerchant (1.12.0)
      activesupport (>= 2.3.8)
      braintree (>= 2.0.0)
      builder (>= 2.0.0)
    activemodel (3.0.7)
      activesupport (= 3.0.7)
      builder (~> 2.1.2)
      i18n (~> 0.5.0)
    activerecord (3.0.7)
      activemodel (= 3.0.7)
      activesupport (= 3.0.7)
      arel (~> 2.0.2)
      tzinfo (~> 0.3.23)
    activeresource (3.0.7)
      activemodel (= 3.0.7)
      activesupport (= 3.0.7)
    activesupport (3.0.7)
    acts_as_list (0.1.2)
    arel (2.0.9)
    bcrypt-ruby (2.1.4)
    braintree (2.10.0)
      builder
    builder (2.1.2)
    cancan (1.6.4)
    capistrano (2.5.19)
      highline
      net-scp (>= 1.0.0)
      net-sftp (>= 2.0.0)
      net-ssh (>= 2.0.14)
      net-ssh-gateway (>= 1.0.0)
    capistrano-ext (1.2.1)
      capistrano (>= 1.0.0)
    daemons (1.1.3)
    devise (1.3.1)
      bcrypt-ruby (~> 2.1.2)
      orm_adapter (~> 0.0.3)
      warden (~> 1.0.3)
    erubis (2.6.6)
      abstract (>= 1.0.0)
    eventmachine (0.12.10)
    faker (0.9.5)
      i18n (~> 0.4)
    globalize3 (0.0.11)
      activemodel (>= 3.0.0)
      activerecord (>= 3.0.0)
    highline (1.5.1)
    i18n (0.5.0)
    jquery-rails (0.2.6)
      rails (~> 3.0)
      thor (~> 0.14.4)
    json (1.5.1)
    mail (2.2.19)
      activesupport (>= 2.3.6)
      i18n (>= 0.4.0)
      mime-types (~> 1.16)
      treetop (~> 1.4.8)
    meta_search (1.0.1)
      actionpack (~> 3.0.2)
      activerecord (~> 3.0.2)
      activesupport (~> 3.0.2)
      arel (~> 2.0.2)
    mime-types (1.16)
    money (3.6.1)
      i18n (~> 0.4)
    mysql2 (0.2.7)
    nested_set (1.6.4)
      activerecord (>= 3.0.0)
      railties (>= 3.0.0)
    net-scp (1.0.4)
      net-ssh (>= 1.99.1)
    net-sftp (2.0.5)
      net-ssh (>= 2.0.9)
    net-ssh (2.0.23)
    net-ssh-gateway (1.0.1)
      net-ssh (>= 1.99.1)
    nokogiri (1.4.4)
    orm_adapter (0.0.4)
    paperclip (2.3.8)
      activerecord
      activesupport
    polyglot (0.3.1)
    rack (1.2.2)
    rack-mount (0.6.14)
      rack (>= 1.0.0)
    rack-test (0.5.7)
      rack (>= 1.0)
    rails (3.0.7)
      actionmailer (= 3.0.7)
      actionpack (= 3.0.7)
      activerecord (= 3.0.7)
      activeresource (= 3.0.7)
      activesupport (= 3.0.7)
      bundler (~> 1.0)
      railties (= 3.0.7)
    railties (3.0.7)
      actionpack (= 3.0.7)
      activesupport (= 3.0.7)
      rake (>= 0.8.7)
      thor (~> 0.14.4)
    rake (0.8.7)
    rd_find_by_param (0.1.1)
      activerecord (~> 3.0)
      activesupport (~> 3.0)
    rd_resource_controller (1.0.1)
    rd_unobtrusive_date_picker (0.1.0)
    state_machine (0.9.4)
    stringex (1.0.3)
    thin (1.2.11)
      daemons (>= 1.0.9)
      eventmachine (>= 0.12.6)
      rack (>= 1.0.0)
    thor (0.14.6)
    treetop (1.4.9)
      polyglot (>= 0.3.1)
    tzinfo (0.3.27)
    warden (1.0.3)
      rack (>= 1.0.0)
    will_paginate (3.0.pre2)

PLATFORMS
  ruby

DEPENDENCIES
  capistrano
  capistrano-ext
  globalize3
  globalize_spree!
  i18n
  multi_currencies!
  mysql2
  nokogiri
  pp_website_standard!
  rails (= 3.0.7)
  spree!
  thin
