GIT
  remote: git://github.com/airbrake/airbrake.git
  revision: 582dce92bc2fc283f822e4b90790003ac6199c3b
  specs:
    airbrake (3.0.4)
      activesupport
      builder

GIT
  remote: git://github.com/pronix/spree-multi-currency.git
  revision: e17e5c4728c16371c3e0d468361ea22a0d423cba
  ref: e17e5c
  specs:
    multi_currencies (1.0.3)
      json (>= 1.5.1)
      money (>= 3.6.1)
      nokogiri (>= 1.4.4)
      spree_core (>= 0.50.0)

GIT
  remote: git://github.com/romul/spree_mobile_views.git
  revision: 1fb59161ef265346696fbe1555d3303c4a5d4a4a
  specs:
    spree_mobile_views (0.50.2)
      spree_core (>= 0.50.0)

GIT
  remote: git://github.com/spree/spree_blue_theme.git
  revision: d1e95e7b01799d03f1fdd8efc8f30047f50efedd
  specs:
    spree_blue_theme (0.1.0)

GIT
  remote: git://github.com/svenfuchs/globalize3.git
  revision: f509e753ba2933228b65e23d924a1131912ad7ed
  specs:
    globalize3 (0.2.0.beta4)
      activemodel (>= 3.0.0)
      activerecord (>= 3.0.0)
      paper_trail (~> 2)

GIT
  remote: git://github.com/tomash/globalize-spree.git
  revision: 8fcf2afe9dd8ab20c66c4aafe8cc24a624828e02
  ref: 8fcf2af
  specs:
    globalize_spree (0.2.1)
      globalize3 (>= 0.0.9)
      i18n (>= 0.4.2)
      spree_core (>= 0.70.0)

GIT
  remote: git://github.com/tomash/spree-pp-website-standard.git
  revision: 632663f028972a442dbbfd2d1571d71398959492
  branch: version084
  specs:
    spree_paypal_website_standard (0.8.4)
      spree_core (>= 0.70.1)

PATH
  remote: ./vendor/spree_analytics
  specs:
    spree_analytics (0.1.0)
      rest-client
      spree_core (>= 0.60.2)

GEM
  remote: http://rubygems.org/
  specs:
    actionmailer (3.1.1)
      actionpack (= 3.1.1)
      mail (~> 2.3.0)
    actionpack (3.1.1)
      activemodel (= 3.1.1)
      activesupport (= 3.1.1)
      builder (~> 3.0.0)
      erubis (~> 2.7.0)
      i18n (~> 0.6)
      rack (~> 1.3.2)
      rack-cache (~> 1.1)
      rack-mount (~> 0.8.2)
      rack-test (~> 0.6.1)
      sprockets (~> 2.0.2)
    activemerchant (1.17.0)
      activesupport (>= 2.3.11)
      braintree (>= 2.0.0)
      builder (>= 2.0.0)
      json (>= 1.5.1)
    activemodel (3.1.1)
      activesupport (= 3.1.1)
      builder (~> 3.0.0)
      i18n (~> 0.6)
    activerecord (3.1.1)
      activemodel (= 3.1.1)
      activesupport (= 3.1.1)
      arel (~> 2.2.1)
      tzinfo (~> 0.3.29)
    activeresource (3.1.1)
      activemodel (= 3.1.1)
      activesupport (= 3.1.1)
    activesupport (3.1.1)
      multi_json (~> 1.0)
    acts_as_list (0.1.4)
    arel (2.2.3)
    bcrypt-ruby (3.0.1)
    braintree (2.13.4)
      builder (>= 2.0.0)
    builder (3.0.0)
    cancan (1.6.5)
    capistrano (2.9.0)
      highline
      net-scp (>= 1.0.0)
      net-sftp (>= 2.0.0)
      net-ssh (>= 2.0.14)
      net-ssh-gateway (>= 1.1.0)
    capistrano-ext (1.2.1)
      capistrano (>= 1.0.0)
    cocaine (0.2.1)
    coffee-rails (3.1.1)
      coffee-script (>= 2.2.0)
      railties (~> 3.1.0)
    coffee-script (2.2.0)
      coffee-script-source
      execjs
    coffee-script-source (1.1.2)
    daemons (1.1.4)
    deface (0.7.2)
      nokogiri (~> 1.5.0)
      rails (>= 3.0.9)
    devise (1.4.7)
      bcrypt-ruby (~> 3.0)
      orm_adapter (~> 0.0.3)
      warden (~> 1.0.3)
    diff-lcs (1.1.3)
    erubis (2.7.0)
    eventmachine (0.12.10)
    execjs (1.2.9)
      multi_json (~> 1.0)
    factory_girl (2.2.0)
      activesupport
    faker (1.0.0)
      i18n (~> 0.4)
    highline (1.5.1)
    hike (1.2.1)
    i18n (0.6.0)
    jquery-rails (1.0.19)
      railties (~> 3.0)
      thor (~> 0.14)
    json (1.6.5)
    kaminari (0.13.0)
      actionpack (>= 3.0.0)
      activesupport (>= 3.0.0)
      railties (>= 3.0.0)
    libv8 (3.3.10.2)
    mail (2.3.0)
      i18n (>= 0.4.0)
      mime-types (~> 1.16)
      treetop (~> 1.4.8)
    meta_search (1.1.1)
      actionpack (~> 3.1.0)
      activerecord (~> 3.1.0)
      activesupport (~> 3.1.0)
      polyamorous (~> 0.5.0)
    mime-types (1.17.2)
    money (3.7.1)
      i18n (~> 0.4)
    multi_json (1.1.0)
    mysql2 (0.3.7)
    nested_set (1.6.8)
      activerecord (>= 3.0.0)
      railties (>= 3.0.0)
    net-scp (1.0.4)
      net-ssh (>= 1.99.1)
    net-sftp (2.0.5)
      net-ssh (>= 2.0.9)
    net-ssh (2.2.1)
    net-ssh-gateway (1.1.0)
      net-ssh (>= 1.99.1)
    nokogiri (1.5.0)
    orm_adapter (0.0.5)
    paper_trail (2.4.0)
      rails (~> 3)
    paperclip (2.4.1)
      activerecord (>= 2.3.0)
      activesupport (>= 2.3.2)
      cocaine (>= 0.0.2)
      mime-types
    polyamorous (0.5.0)
      activerecord (~> 3.0)
    polyglot (0.3.3)
    rack (1.3.6)
    rack-cache (1.1)
      rack (>= 0.4)
    rack-mount (0.8.3)
      rack (>= 1.0.0)
    rack-ssl (1.3.2)
      rack
    rack-test (0.6.1)
      rack (>= 1.0)
    rails (3.1.1)
      actionmailer (= 3.1.1)
      actionpack (= 3.1.1)
      activerecord (= 3.1.1)
      activeresource (= 3.1.1)
      activesupport (= 3.1.1)
      bundler (~> 1.0)
      railties (= 3.1.1)
    railties (3.1.1)
      actionpack (= 3.1.1)
      activesupport (= 3.1.1)
      rack-ssl (~> 1.3.2)
      rake (>= 0.8.7)
      rdoc (~> 3.4)
      thor (~> 0.14.6)
    rake (0.8.7)
    rd_find_by_param (0.1.1)
      activerecord (~> 3.0)
      activesupport (~> 3.0)
    rd_resource_controller (1.0.1)
    rdoc (3.12)
      json (~> 1.4)
    rest-client (1.6.7)
      mime-types (>= 1.16)
    rspec (2.7.0)
      rspec-core (~> 2.7.0)
      rspec-expectations (~> 2.7.0)
      rspec-mocks (~> 2.7.0)
    rspec-core (2.7.1)
    rspec-expectations (2.7.0)
      diff-lcs (~> 1.1.2)
    rspec-mocks (2.7.0)
    rspec-rails (2.7.0)
      actionpack (~> 3.0)
      activesupport (~> 3.0)
      railties (~> 3.0)
      rspec (~> 2.7.0)
    sass (3.1.10)
    sass-rails (3.1.5.rc.1)
      actionpack (~> 3.1.0)
      railties (~> 3.1.0)
      sass (~> 3.1.10)
      sprockets (~> 2.0.0)
      tilt (~> 1.3.2)
    spree (0.70.1)
      spree_api (= 0.70.1)
      spree_auth (= 0.70.1)
      spree_core (= 0.70.1)
      spree_dash (= 0.70.1)
      spree_promo (= 0.70.1)
      spree_sample (= 0.70.1)
    spree_api (0.70.1)
      spree_auth (= 0.70.1)
      spree_core (= 0.70.1)
    spree_auth (0.70.1)
      cancan (= 1.6.5)
      devise (= 1.4.7)
      spree_core (= 0.70.1)
    spree_core (0.70.1)
      activemerchant (= 1.17.0)
      acts_as_list (= 0.1.4)
      deface (>= 0.7.0)
      faker (= 1.0.0)
      highline (= 1.5.1)
      jquery-rails (>= 1.0.14)
      kaminari (>= 0.12.4)
      meta_search (= 1.1.1)
      nested_set (= 1.6.8)
      paperclip (= 2.4.1)
      rails (= 3.1.1)
      rd_find_by_param (= 0.1.1)
      rd_resource_controller
      state_machine (= 1.0.1)
      stringex (= 1.0.3)
    spree_dash (0.70.1)
      spree_core (= 0.70.1)
    spree_promo (0.70.1)
      spree_auth (= 0.70.1)
      spree_core (= 0.70.1)
    spree_sample (0.70.1)
      spree_core (= 0.70.1)
    sprockets (2.0.3)
      hike (~> 1.2)
      rack (~> 1.0)
      tilt (~> 1.1, != 1.3.0)
    state_machine (1.0.1)
    stringex (1.0.3)
    therubyracer (0.9.2)
      libv8 (~> 3.3.10)
    thin (1.2.11)
      daemons (>= 1.0.9)
      eventmachine (>= 0.12.6)
      rack (>= 1.0.0)
    thor (0.14.6)
    tilt (1.3.3)
    treetop (1.4.10)
      polyglot
      polyglot (>= 0.3.1)
    tzinfo (0.3.31)
    uglifier (1.0.4)
      execjs (>= 0.3.0)
      multi_json (>= 1.0.2)
    warden (1.0.6)
      rack (>= 1.0)

PLATFORMS
  ruby

DEPENDENCIES
  airbrake!
  capistrano
  capistrano-ext
  coffee-rails (~> 3.1.0.rc)
  deface (~> 0.7.1)
  factory_girl
  globalize3!
  globalize_spree!
  i18n
  multi_currencies!
  mysql2 (~> 0.3.6)
  nokogiri
  rails (= 3.1.1)
  rake (~> 0.8.7)
  rspec-rails
  sass-rails (~> 3.1.0.rc)
  spree (~> 0.70.1)
  spree_analytics!
  spree_blue_theme!
  spree_mobile_views!
  spree_paypal_website_standard!
  therubyracer
  thin
  uglifier
